GEM
  remote: https://rubygems.org/
  specs:
    activemodel (7.1.3.3)
      activesupport (= 7.1.3.3)
    activesupport (7.1.3.3)
      base64
      bigdecimal
      concurrent-ruby (~> 1.0, >= 1.0.2)
      connection_pool (>= 2.2.5)
      drb
      i18n (>= 1.6, < 2)
      minitest (>= 5.1)
      mutex_m
      tzinfo (~> 2.0)
    base64 (0.2.0)
    bigdecimal (3.1.8)
    concurrent-ruby (1.2.3)
    connection_pool (2.4.1)
    drb (2.2.1)
    faraday (2.9.0)
      faraday-net_http (>= 2.0, < 3.2)
    faraday-net_http (3.1.0)
      net-http
    graphlient (0.7.0)
      faraday (~> 2.0)
      graphql-client
    graphql (2.3.3)
      base64
    graphql-client (0.22.0)
      activesupport (>= 3.0)
      graphql (>= 1.13.0)
    i18n (1.14.5)
      concurrent-ruby (~> 1.0)
    minitest (5.23.0)
    mutex_m (0.2.0)
    net-http (0.4.1)
      uri
    tzinfo (2.0.6)
      concurrent-ruby (~> 1.0)
    uri (0.13.0)
    weaviate-ruby (0.8.10)
      faraday (>= 2.0.1, < 3.0)
      graphlient (~> 0.7.0)

PLATFORMS
  arm64-darwin-21

DEPENDENCIES
  activemodel (~> 7.1, >= 7.1.3.3)
  weaviate-ruby (~> 0.8.10)

BUNDLED WITH
   2.3.25
